GEM
  remote: https://rubygems.org/
  specs:
    celluloid (0.16.0)
      timers (~> 4.0.0)
    connection_pool (2.1.3)
    figaro (1.1.0)
      thor (~> 0.14)
    hitimes (1.2.2)
    json (1.8.2)
    kgio (2.9.3)
    rack (1.6.0)
    rack-protection (1.5.3)
      rack
    raindrops (0.13.0)
    redis (3.2.1)
    redis-namespace (1.5.1)
      redis (~> 3.0, >= 3.0.4)
    sidekiq (3.3.3)
      celluloid (>= 0.16.0)
      connection_pool (>= 2.1.1)
      json
      redis (>= 3.0.6)
      redis-namespace (>= 1.3.1)
    sinatra (1.4.6)
      rack (~> 1.4)
      rack-protection (~> 1.4)
      tilt (>= 1.3, < 3)
    thor (0.19.1)
    tilt (2.0.1)
    timers (4.0.1)
      hitimes
    unicorn (4.8.3)
      kgio (~> 2.6)
      rack
      raindrops (~> 0.7)

PLATFORMS
  ruby

DEPENDENCIES
  figaro
  sidekiq
  sinatra
  unicorn
